PATH
  remote: .
  specs:
    geode (0.1.0)

GEM
  remote: https://rubygems.org/
  specs:
    ansi (1.5.0)
    ast (2.4.0)
    builder (3.2.3)
    coderay (1.1.2)
    docile (1.3.1)
    jaro_winkler (1.5.1)
    json (2.1.0)
    method_source (0.9.0)
    minitest (5.11.3)
    minitest-reporters (1.3.4)
      ansi
      builder
      minitest (>= 5.0)
      ruby-progressbar
    parallel (1.12.1)
    parser (2.5.1.2)
      ast (~> 2.4.0)
    powerpack (0.1.2)
    pry (0.11.3)
      coderay (~> 1.1.0)
      method_source (~> 0.9.0)
    rainbow (3.0.0)
    rake (12.3.1)
    rubocop (0.59.0)
      jaro_winkler (~> 1.5.1)
      parallel (~> 1.10)
      parser (>= 2.5, != 2.5.1.1)
      powerpack (~> 0.1)
      rainbow (>= 2.2.2, < 4.0)
      ruby-progressbar (~> 1.7)
      unicode-display_width (~> 1.0, >= 1.0.1)
    ruby-progressbar (1.10.0)
    simplecov (0.16.1)
      docile (~> 1.1)
      json (>= 1.8, < 3)
      simplecov-html (~> 0.10.0)
    simplecov-html (0.10.2)
    unicode-display_width (1.4.0)

PLATFORMS
  ruby

DEPENDENCIES
  bundler (~> 1.16)
  geode!
  minitest
  minitest-reporters
  pry
  rake
  rubocop
  simplecov

BUNDLED WITH
   1.16.4
